GEM
  remote: http://rubygems.org/
  specs:
    rake (11.1.2)
    semantic (1.6.1)

PLATFORMS
  ruby

DEPENDENCIES
  rake
  semantic (~> 1.6.1)

BUNDLED WITH
   1.12.5
